GIT
  remote: https://github.com/icalendar/icalendar
  revision: 108b5278a6d4cdc150e49cdcb641e40440c8c278
  ref: 108b5278a6d4cdc150e49cdcb641e40440c8c278
  specs:
    icalendar (2.3.0)

PATH
  remote: .
  specs:
    ical_importer (0.1.3)
      activesupport (> 3.0.0, < 4.0.0)
      i18n
      icalendar
      tzinfo

GEM
  remote: https://rubygems.org/
  specs:
    activesupport (3.2.22)
      i18n (~> 0.6, >= 0.6.4)
      multi_json (~> 1.0)
    awesome_print (1.0.2)
    diff-lcs (1.1.3)
    i18n (0.7.0)
    multi_json (1.11.2)
    rake (0.9.2.2)
    rspec (2.11.0)
      rspec-core (~> 2.11.0)
      rspec-expectations (~> 2.11.0)
      rspec-mocks (~> 2.11.0)
    rspec-core (2.11.1)
    rspec-expectations (2.11.2)
      diff-lcs (~> 1.1.3)
    rspec-mocks (2.11.1)
    thread_safe (0.3.5)
    tzinfo (1.2.2)
      thread_safe (~> 0.1)

PLATFORMS
  ruby

DEPENDENCIES
  awesome_print
  ical_importer!
  icalendar!
  rake
  rspec

BUNDLED WITH
   1.10.6
