PATH
  remote: .
  specs:
    ical_importer (0.0.1)
      activesupport (~> 3.0.15)

GEM
  remote: https://rubygems.org/
  specs:
    activesupport (3.0.16)
    awesome_print (1.0.2)
    diff-lcs (1.1.3)
    rake (0.9.2.2)
    rspec (2.11.0)
      rspec-core (~> 2.11.0)
      rspec-expectations (~> 2.11.0)
      rspec-mocks (~> 2.11.0)
    rspec-core (2.11.1)
    rspec-expectations (2.11.2)
      diff-lcs (~> 1.1.3)
    rspec-mocks (2.11.1)

PLATFORMS
  ruby

DEPENDENCIES
  awesome_print
  ical_importer!
  rake
  rspec
